GEM
  remote: http://rubygems.org/
  specs:
    rack (1.5.2)
    tilt (2.0.1)

PLATFORMS
  ruby

DEPENDENCIES
  rack
  tilt
